GEM
  remote: http://rubygems.org/
  specs:
    activemodel (3.2.8)
      activesupport (= 3.2.8)
      builder (~> 3.0.0)
    activerecord (3.2.8)
      activemodel (= 3.2.8)
      activesupport (= 3.2.8)
      arel (~> 3.0.2)
      tzinfo (~> 0.3.29)
    activesupport (3.2.8)
      i18n (~> 0.6)
      multi_json (~> 1.0)
    addressable (2.3.2)
    arel (3.0.2)
    builder (3.0.4)
    data_objects (0.10.10)
      addressable (~> 2.1)
    database_cleaner (0.9.1)
    diff-lcs (1.1.3)
    dm-core (1.0.2)
      addressable (~> 2.2)
      extlib (~> 0.9.15)
    dm-do-adapter (1.0.2)
      data_objects (~> 0.10.2)
      dm-core (~> 1.0.2)
    dm-sqlite-adapter (1.0.2)
      dm-do-adapter (~> 1.0.2)
      do_sqlite3 (~> 0.10.2)
    do_sqlite3 (0.10.10)
      data_objects (= 0.10.10)
    escape_utils (0.2.4)
    extlib (0.9.15)
    haml (3.0.25)
    i18n (0.6.1)
    multi_json (1.3.7)
    pg (0.14.1)
    rack (1.4.1)
    rack-protection (1.2.0)
      rack
    rack-test (0.6.2)
      rack (>= 1.0)
    rake (0.9.2.2)
    rspec (2.11.0)
      rspec-core (~> 2.11.0)
      rspec-expectations (~> 2.11.0)
      rspec-mocks (~> 2.11.0)
    rspec-core (2.11.1)
    rspec-expectations (2.11.3)
      diff-lcs (~> 1.1.3)
    rspec-mocks (2.11.3)
    sinatra (1.3.3)
      rack (~> 1.3, >= 1.3.6)
      rack-protection (~> 1.2)
      tilt (~> 1.3, >= 1.3.3)
    sinatra-activerecord (1.1.2)
      activerecord (~> 3.0)
      sinatra (~> 1.0)
    tilt (1.3.3)
    tzinfo (0.3.35)

PLATFORMS
  ruby

DEPENDENCIES
  database_cleaner (~> 0.9)
  dm-sqlite-adapter (~> 1.0.2)
  escape_utils (~> 0.2.3)
  haml (~> 3.0.18)
  pg
  rack-test (~> 0.6)
  rake (~> 0.9.2)
  rspec (~> 2.11)
  sinatra (~> 1.3)
  sinatra-activerecord (~> 1.1.2)
