PATH
  remote: .
  specs:
    firefly (1.5.3)
      dm-aggregates (~> 1.0.2)
      dm-core (~> 1.0.2)
      dm-migrations (~> 1.0.2)
      dm-mysql-adapter (~> 1.0.2)
      dm-transactions (~> 1.0.2)
      escape_utils (~> 0.2.3)
      haml (~> 3.0.18)
      sinatra (~> 1.3)

GEM
  remote: http://rubygems.org/
  specs:
    addressable (2.3.2)
    data_objects (0.10.10)
      addressable (~> 2.1)
    database_cleaner (0.9.1)
    diff-lcs (1.1.3)
    dm-aggregates (1.0.2)
      dm-core (~> 1.0.2)
    dm-core (1.0.2)
      addressable (~> 2.2)
      extlib (~> 0.9.15)
    dm-do-adapter (1.0.2)
      data_objects (~> 0.10.2)
      dm-core (~> 1.0.2)
    dm-migrations (1.0.2)
      dm-core (~> 1.0.2)
    dm-mysql-adapter (1.0.2)
      dm-do-adapter (~> 1.0.2)
      do_mysql (~> 0.10.2)
    dm-sqlite-adapter (1.0.2)
      dm-do-adapter (~> 1.0.2)
      do_sqlite3 (~> 0.10.2)
    dm-transactions (1.0.2)
      dm-core (~> 1.0.2)
    do_mysql (0.10.10)
      data_objects (= 0.10.10)
    do_sqlite3 (0.10.10)
      data_objects (= 0.10.10)
    escape_utils (0.2.4)
    extlib (0.9.15)
    haml (3.0.25)
    rack (1.4.1)
    rack-protection (1.2.0)
      rack
    rack-test (0.6.2)
      rack (>= 1.0)
    rake (0.9.2.2)
    rspec (2.11.0)
      rspec-core (~> 2.11.0)
      rspec-expectations (~> 2.11.0)
      rspec-mocks (~> 2.11.0)
    rspec-core (2.11.1)
    rspec-expectations (2.11.3)
      diff-lcs (~> 1.1.3)
    rspec-mocks (2.11.3)
    sinatra (1.3.3)
      rack (~> 1.3, >= 1.3.6)
      rack-protection (~> 1.2)
      tilt (~> 1.3, >= 1.3.3)
    tilt (1.3.3)

PLATFORMS
  ruby

DEPENDENCIES
  database_cleaner (~> 0.9)
  dm-sqlite-adapter (~> 1.0.2)
  firefly!
  rack-test (~> 0.6)
  rake (~> 0.9.2)
  rspec (~> 2.11)
