GEM
  remote: http://rubygems.org/
  specs:
    addressable (2.2.6)
    data_objects (0.10.7)
      addressable (~> 2.1)
    database_cleaner (0.7.1)
    diff-lcs (1.1.3)
    dm-aggregates (1.2.0)
      dm-core (~> 1.2.0)
    dm-core (1.2.0)
      addressable (~> 2.2.6)
    dm-do-adapter (1.2.0)
      data_objects (~> 0.10.6)
      dm-core (~> 1.2.0)
    dm-migrations (1.2.0)
      dm-core (~> 1.2.0)
    dm-mysql-adapter (1.2.0)
      dm-do-adapter (~> 1.2.0)
      do_mysql (~> 0.10.6)
    dm-sqlite-adapter (1.2.0)
      dm-do-adapter (~> 1.2.0)
      do_sqlite3 (~> 0.10.6)
    dm-transactions (1.2.0)
      dm-core (~> 1.2.0)
    do_mysql (0.10.7)
      data_objects (= 0.10.7)
    do_sqlite3 (0.10.7)
      data_objects (= 0.10.7)
    escape_utils (0.2.4)
    haml (3.1.4)
    rack (1.4.0)
    rack-protection (1.2.0)
      rack
    rack-test (0.6.1)
      rack (>= 1.0)
    rspec (2.8.0)
      rspec-core (~> 2.8.0)
      rspec-expectations (~> 2.8.0)
      rspec-mocks (~> 2.8.0)
    rspec-core (2.8.0)
    rspec-expectations (2.8.0)
      diff-lcs (~> 1.1.2)
    rspec-mocks (2.8.0)
    sinatra (1.3.2)
      rack (~> 1.3, >= 1.3.6)
      rack-protection (~> 1.2)
      tilt (~> 1.3, >= 1.3.3)
    tilt (1.3.3)

PLATFORMS
  ruby

DEPENDENCIES
  database_cleaner (~> 0.7.1)
  dm-aggregates (~> 1.2.0)
  dm-core (~> 1.2.0)
  dm-migrations (~> 1.2.0)
  dm-mysql-adapter (~> 1.2.0)
  dm-sqlite-adapter (~> 1.2.0)
  dm-transactions (~> 1.2.0)
  escape_utils (~> 0.2.4)
  haml (~> 3.1.4)
  rack-test (~> 0.6.1)
  rspec (~> 2.8.0)
  sinatra (~> 1.3.2)
